GEM
  remote: http://rubygems.org/
  specs:
    activesupport (3.0.1)
    builder (2.1.2)
    cucumber (0.9.2)
      builder (~> 2.1.2)
      diff-lcs (~> 1.1.2)
      gherkin (~> 2.2.5)
      json (~> 1.4.6)
      term-ansicolor (~> 1.0.5)
    diff-lcs (1.1.2)
    epic (0.0.4)
      progressions-g
      w3c_validators
    f (0.0.1)
    ffi (1.15.4)
    gherkin (2.2.9)
      json (~> 1.4.6)
      term-ansicolor (~> 1.0.5)
    grit (2.3.0)
      diff-lcs (~> 1.1)
      mime-types (~> 1.15)
    haml (3.0.24)
    hpricot (0.8.3)
    idiom (0.0.8)
      activesupport (>= 2.2.2)
      sishen-rtranslate (>= 1.2.9)
      yrb
    json (1.4.6)
    mime-types (1.16)
    mini_portile2 (2.6.1)
    natural_time (0.0.3)
      activesupport
    nokogiri (1.12.5)
      mini_portile2 (~> 2.6.1)
      racc (~> 1.4)
    polyglot (0.3.1)
    progressions-basepath (0.3.0.2)
    progressions-g (1.3.1)
      ruby-growl (>= 1.0.1)
    racc (1.5.2)
    rb-fsevent (0.11.0)
    rb-inotify (0.10.1)
      ffi (~> 1.0)
    rspec (2.0.1)
      rspec-core (~> 2.0.1)
      rspec-expectations (~> 2.0.1)
      rspec-mocks (~> 2.0.1)
    rspec-core (2.0.1)
    rspec-expectations (2.0.1)
      diff-lcs (>= 1.1.2)
    rspec-mocks (2.0.1)
      rspec-core (~> 2.0.1)
      rspec-expectations (~> 2.0.1)
    ruby-growl (3.0)
    sass (3.7.4)
      sass-listen (~> 4.0.0)
    sass-listen (4.0.0)
      rb-fsevent (~> 0.9, >= 0.9.4)
      rb-inotify (~> 0.9, >= 0.9.7)
    serenity (0.0.2)
    sishen-rtranslate (1.5)
      activesupport (>= 2.2.0)
      json (>= 1.1.3)
    term-ansicolor (1.0.5)
    timer (0.1.5)
    treetop (1.4.8)
      polyglot (>= 0.3.1)
    w3c_validators (1.1.1)
      nokogiri
    ymdp_generator (0.0.4)
      f
    ymdt (0.0.1)
    yrb (0.0.1)

PLATFORMS
  ruby

DEPENDENCIES
  activesupport
  cucumber
  epic
  grit
  haml
  hpricot
  idiom
  json
  mime-types
  natural_time
  polyglot
  progressions-basepath
  progressions-g
  rspec (>= 1.2.6)
  ruby-growl
  sass
  serenity
  sishen-rtranslate
  timer
  treetop
  ymdp_generator
  ymdt
  yrb
